GEM
  remote: https://rubygems.org/
  specs:
    power_assert (2.0.1)
    test-unit (3.5.3)
      power_assert

PLATFORMS
  ruby

DEPENDENCIES
  test-unit (~> 3.1, >= 3.1.8)

BUNDLED WITH
   2.1.4
